GEM
  remote: https://rubygems.org/
  specs:
    gepub (0.6.4.6)
      nokogiri (>= 1.5.0)
      rubyzip (>= 0.9.6)
    mini_portile (0.5.2)
    nokogiri (1.6.1)
      mini_portile (~> 0.5.0)
    rubyzip (1.1.0)
    zip-zip (0.2)
      rubyzip (>= 1.0.0)

PLATFORMS
  ruby

DEPENDENCIES
  gepub
  nokogiri
  rubyzip
  zip-zip
